GEM
  remote: https://rubygems.org/
  specs:
    archive-tar-minitar (0.5.2)
    coderay (1.0.9)
    commander (4.1.5)
      highline (~> 1.6.11)
    highline (1.6.19)
    httpclient (2.3.4.1)
    method_source (0.8.2)
    net-ssh (2.6.8)
    open4 (1.3.0)
    pry (0.9.12.2)
      coderay (~> 1.0.5)
      method_source (~> 0.8)
      slop (~> 3.4)
    rake (10.1.0)
    rb-readline (0.5.0)
    rhc (1.13.6)
      archive-tar-minitar
      commander (>= 4.0)
      highline (~> 1.6.11)
      httpclient (>= 2.2)
      net-ssh (>= 2.0.11)
      open4
    slop (3.4.6)

PLATFORMS
  ruby

DEPENDENCIES
  pry
  rake
  rb-readline (~> 0.5.0.pre.1)
  rhc
